GEM
  remote: https://rubygems.org/
  specs:
    benchmark-ips (2.3.0)

PLATFORMS
  ruby

DEPENDENCIES
  benchmark-ips (>= 2.0)
